GEM
  remote: http://rubygems.org/
  specs:
    activesupport (2.3.8)
    autotest (4.3.2)
    bson (1.0.4)
    bson_ext (1.0.4)
    jnunemaker-validatable (1.8.4)
      activesupport (>= 2.3.4)
    mime-types (1.16)
    mongo (1.0.6)
      bson (>= 1.0.4)
    mongo_mapper (0.8.2)
      activesupport (>= 2.3.4)
      jnunemaker-validatable (~> 1.8.4)
      plucky (~> 0.3.1)
    plucky (0.3.2)
      mongo (~> 1.0.1)
    rest-client (1.6.0)
      mime-types (>= 1.16)
    rspec (1.3.0)

PLATFORMS
  ruby

DEPENDENCIES
  autotest
  bson_ext
  mongo_mapper
  rest-client
  rspec
