GEM
  remote: http://rubygems.org/
  specs:
    activemodel (3.0.0.rc)
      activesupport (= 3.0.0.rc)
      builder (~> 2.1.2)
      i18n (~> 0.4.1)
    activesupport (3.0.0.rc)
    autotest (4.3.2)
    bson (1.0.4)
    bson_ext (1.0.4)
    builder (2.1.2)
    gemcutter (0.6.1)
    git (1.2.5)
    i18n (0.4.1)
    jeweler (1.4.0)
      gemcutter (>= 0.1.0)
      git (>= 1.2.5)
      rubyforge (>= 2.0.0)
    json_pure (1.4.3)
    mime-types (1.16)
    mongo (1.0.6)
      bson (>= 1.0.4)
    mongoid (2.0.0.beta.15)
      activemodel (= 3.0.0.rc)
      bson (= 1.0.4)
      mongo (= 1.0.6)
      tzinfo (= 0.3.22)
      will_paginate (~> 3.0.pre)
    rake (0.8.7)
    rest-client (1.6.0)
      mime-types (>= 1.16)
    rspec (1.3.0)
    rubyforge (2.0.4)
      json_pure (>= 1.1.7)
    thor (0.14.0)
    tzinfo (0.3.22)
    will_paginate (3.0.pre2)

PLATFORMS
  ruby

DEPENDENCIES
  autotest
  bson_ext
  jeweler
  mongoid (= 2.0.0.beta.15)
  rake
  rest-client
  rspec
  thor
